PATH
  remote: .
  specs:
    sigstore-cosign-verify (0.1.0)
      sigstore_protobuf_specs (~> 0.3.0)

GEM
  remote: https://rubygems.org/
  specs:
    abbrev (0.1.2)
    activesupport (7.1.3.2)
      base64
      bigdecimal
      concurrent-ruby (~> 1.0, >= 1.0.2)
      connection_pool (>= 2.2.5)
      drb
      i18n (>= 1.6, < 2)
      minitest (>= 5.1)
      mutex_m
      tzinfo (~> 2.0)
    addressable (2.8.6)
      public_suffix (>= 2.0.2, < 6.0)
    ast (2.4.2)
    base64 (0.2.0)
    bigdecimal (3.1.6)
    bigdecimal (3.1.6-java)
    concurrent-ruby (1.2.3)
    connection_pool (2.4.1)
    crack (1.0.0)
      bigdecimal
      rexml
    csv (3.2.8)
    docile (1.4.0)
    drb (2.2.0)
      ruby2_keywords
    ffi (1.16.3)
    ffi (1.16.3-java)
    ffi-compiler (1.0.1)
      ffi (>= 1.0.0)
      rake
    fileutils (1.7.2)
    google-protobuf (3.25.3)
    google-protobuf (3.25.3-arm64-darwin)
    google-protobuf (3.25.3-java)
      ffi (~> 1)
      ffi-compiler (~> 1)
    google-protobuf (3.25.3-x86_64-linux)
    googleapis-common-protos-types (1.13.0)
      google-protobuf (~> 3.18)
    hashdiff (1.1.0)
    i18n (1.14.1)
      concurrent-ruby (~> 1.0)
    json (2.7.1)
    json (2.7.1-java)
    language_server-protocol (3.17.0.3)
    listen (3.9.0)
      rb-fsevent (~> 0.10, >= 0.10.3)
      rb-inotify (~> 0.9, >= 0.9.10)
    logger (1.6.0)
    minitest (5.22.2)
    mutex_m (0.2.0)
    parallel (1.24.0)
    parser (3.3.0.5)
      ast (~> 2.4.1)
      racc
    power_assert (2.0.3)
    public_suffix (5.0.4)
    racc (1.7.3)
    racc (1.7.3-java)
    rainbow (3.1.1)
    rake (13.1.0)
    rb-fsevent (0.11.2)
    rb-inotify (0.10.1)
      ffi (~> 1.0)
    rbs (3.4.4)
      abbrev
    regexp_parser (2.9.0)
    rexml (3.2.6)
    rubocop (1.60.2)
      json (~> 2.3)
      language_server-protocol (>= 3.17.0)
      parallel (~> 1.10)
      parser (>= 3.3.0.2)
      rainbow (>= 2.2.2, < 4.0)
      regexp_parser (>= 1.8, < 3.0)
      rexml (>= 3.2.5, < 4.0)
      rubocop-ast (>= 1.30.0, < 2.0)
      ruby-progressbar (~> 1.7)
      unicode-display_width (>= 2.4.0, < 3.0)
    rubocop-ast (1.30.0)
      parser (>= 3.2.1.0)
    rubocop-rake (0.6.0)
      rubocop (~> 1.0)
    ruby-progressbar (1.13.0)
    ruby2_keywords (0.0.5)
    securerandom (0.3.1)
    sigstore_protobuf_specs (0.3.0)
      google-protobuf (~> 3.21, >= 3.21.12)
      googleapis-common-protos-types (~> 1.4)
    simplecov (0.22.0)
      docile (~> 1.1)
      simplecov-html (~> 0.11)
      simplecov_json_formatter (~> 0.1)
    simplecov-html (0.12.3)
    simplecov_json_formatter (0.1.4)
    steep (1.6.0)
      activesupport (>= 5.1)
      concurrent-ruby (>= 1.1.10)
      csv (>= 3.0.9)
      fileutils (>= 1.1.0)
      json (>= 2.1.0)
      language_server-protocol (>= 3.15, < 4.0)
      listen (~> 3.0)
      logger (>= 1.3.0)
      parser (>= 3.1)
      rainbow (>= 2.2.2, < 4.0)
      rbs (>= 3.1.0)
      securerandom (>= 0.1)
      strscan (>= 1.0.0)
      terminal-table (>= 2, < 4)
    strscan (3.1.0)
    strscan (3.1.0-java)
    terminal-table (3.0.2)
      unicode-display_width (>= 1.1.1, < 3)
    test-unit (3.6.2)
      power_assert
    timecop (0.9.8)
    tzinfo (2.0.6)
      concurrent-ruby (~> 1.0)
    unicode-display_width (2.5.0)
    vcr (6.2.0)
    webmock (3.23.0)
      addressable (>= 2.8.0)
      crack (>= 0.3.2)
      hashdiff (>= 0.4.0, < 2.0.0)

PLATFORMS
  arm64-darwin
  arm64-linux
  java
  ruby
  universal-java-19
  x86_64-linux

DEPENDENCIES
  rake (~> 13.0)
  rubocop (~> 1.21)
  rubocop-rake (~> 0.6.0)
  sigstore-cosign-verify!
  simplecov (~> 0.22.0)
  steep (~> 1.6)
  test-unit (~> 3.0)
  timecop (~> 0.9.8)
  vcr (~> 6.2)
  webmock (~> 3.23)

BUNDLED WITH
   2.5.6
